GEM
  remote: http://rubygems.org/
  specs:
    abstract (1.0.0)
    activesupport (3.0.3)
    addressable (2.2.2)
    configatron (2.6.4)
      yamler (>= 0.1.0)
    daemons (1.1.0)
    diff-lcs (1.1.2)
    erubis (2.6.6)
      abstract (>= 1.0.0)
    gemstub (2.0.1)
      activesupport (>= 3.0.0)
      genosaurus
      mark_facets
      rspec (>= 2.0.0)
    genosaurus (1.2.4)
      erubis
    hashie (0.4.0)
    i18n (0.5.0)
    mark_facets (0.1.3)
      hashie
    rake (12.3.3)
    rspec (2.2.0)
      rspec-core (~> 2.2)
      rspec-expectations (~> 2.2)
      rspec-mocks (~> 2.2)
    rspec-core (2.2.1)
    rspec-expectations (2.2.0)
      diff-lcs (~> 1.1.2)
    rspec-mocks (2.2.0)
    yamler (0.1.0)

PLATFORMS
  ruby

DEPENDENCIES
  activesupport (>= 3.0.3)
  addressable (>= 2.0.0)
  configatron (>= 2.3.0)
  daemons (>= 1.0.10)
  gemstub (>= 2.0.1)
  i18n
  rake
  rspec (>= 2.0.0)
